GEM
  remote: https://rubygems.org/
  specs:
    celluloid (0.16.0)
      timers (~> 4.0.0)
    concurrent-ruby (0.8.0)
      ref (~> 1.0, >= 1.0.5)
    concurrent-ruby-ext (0.8.0)
      concurrent-ruby (~> 0.8.0)
    curb (0.8.6)
    daybreak (0.3.0)
    diff-lcs (1.2.5)
    fakefs (0.6.7)
    faker (1.4.3)
      i18n (~> 0.5)
    feedjira (1.6.0)
      curb (~> 0.8)
      loofah (~> 2.0)
      sax-machine (~> 1.0)
    ffi (1.9.8)
    hitimes (1.2.2)
    i18n (0.7.0)
    invariant (0.2.0)
    json (1.8.2)
    listen (2.10.0)
      celluloid (~> 0.16.0)
      rb-fsevent (>= 0.9.3)
      rb-inotify (>= 0.9)
    loofah (2.0.1)
      nokogiri (>= 1.5.9)
    metaclass (0.0.4)
    mime-types (2.4.3)
    mini_portile (0.6.2)
    mocha (1.1.0)
      metaclass (~> 0.0.1)
    multimap (1.1.3)
    netrc (0.10.3)
    nokogiri (1.6.6.2)
      mini_portile (~> 0.6.0)
    puma (3.4.0)
    rack (1.6.4)
    rack-contrib (1.2.0)
      rack (>= 0.9.1)
    rack-protection (1.5.3)
      rack
    rack-proxy (0.5.17)
      rack
    rb-fsevent (0.9.4)
    rb-inotify (0.9.7)
      ffi (>= 0.5.0)
    ref (1.0.5)
    rerun (0.10.0)
      listen (~> 2.7, >= 2.7.3)
    rest-client (1.7.3)
      mime-types (>= 1.16, < 3.0)
      netrc (~> 0.7)
    rspec (3.2.0)
      rspec-core (~> 3.2.0)
      rspec-expectations (~> 3.2.0)
      rspec-mocks (~> 3.2.0)
    rspec-core (3.2.2)
      rspec-support (~> 3.2.0)
    rspec-expectations (3.2.0)
      diff-lcs (>= 1.2.0, < 2.0)
      rspec-support (~> 3.2.0)
    rspec-mocks (3.2.1)
      diff-lcs (>= 1.2.0, < 2.0)
      rspec-support (~> 3.2.0)
    rspec-support (3.2.2)
    sax-machine (1.3.0)
    sinatra (1.4.7)
      rack (~> 1.5)
      rack-protection (~> 1.4)
      tilt (>= 1.3, < 3)
    tilt (2.0.4)
    timers (4.0.1)
      hitimes

PLATFORMS
  ruby

DEPENDENCIES
  concurrent-ruby-ext
  daybreak
  fakefs
  faker
  feedjira
  invariant
  json
  mocha
  multimap
  nokogiri
  puma
  rack
  rack-contrib
  rack-proxy (= 0.5.17)
  rerun (= 0.10.0)
  rest-client
  rspec
  sinatra
